STORAGE: NONE
RESTRICTION: || (== net6.0) (== netstandard2.0) (== netstandard2.1)
NUGET
  remote: https://api.nuget.org/v3/index.json
    Expecto (9.0.4)
      FSharp.Core (>= 4.6)
      Mono.Cecil (>= 0.11.3)
    Expecto.FsCheck (9.0.4)
      Expecto (>= 9.0.4)
      FsCheck (>= 2.14.3)
    FsCheck (3.0.0-beta2)
      FSharp.Core (>= 4.5)
    FSharp.Core (6.0.5)
    Giraffe (6.0)
      FSharp.Core (>= 6.0.1) - restriction: || (== net6.0) (&& (== netstandard2.0) (>= net6.0)) (&& (== netstandard2.1) (>= net6.0))
      Giraffe.ViewEngine (>= 1.3) - restriction: || (== net6.0) (&& (== netstandard2.0) (>= net6.0)) (&& (== netstandard2.1) (>= net6.0))
      Microsoft.IO.RecyclableMemoryStream (>= 2.2) - restriction: || (== net6.0) (&& (== netstandard2.0) (>= net6.0)) (&& (== netstandard2.1) (>= net6.0))
      Newtonsoft.Json (>= 13.0.1) - restriction: || (== net6.0) (&& (== netstandard2.0) (>= net6.0)) (&& (== netstandard2.1) (>= net6.0))
      System.Text.Json (>= 6.0.2) - restriction: || (== net6.0) (&& (== netstandard2.0) (>= net6.0)) (&& (== netstandard2.1) (>= net6.0))
      Utf8Json (>= 1.3.7) - restriction: || (== net6.0) (&& (== netstandard2.0) (>= net6.0)) (&& (== netstandard2.1) (>= net6.0))
    Giraffe.ViewEngine (1.4) - restriction: || (== net6.0) (&& (== netstandard2.0) (>= net6.0)) (&& (== netstandard2.1) (>= net6.0))
      FSharp.Core (>= 5.0)
    Microsoft.IO.RecyclableMemoryStream (2.2) - restriction: || (== net6.0) (&& (== netstandard2.0) (>= net6.0)) (&& (== netstandard2.1) (>= net6.0))
    Mono.Cecil (0.11.4)
    Newtonsoft.Json (13.0.1) - restriction: || (== net6.0) (&& (== netstandard2.0) (>= net6.0)) (&& (== netstandard2.1) (>= net6.0))
    System.Reflection.Emit (4.7) - restriction: || (== net6.0) (&& (== netstandard2.0) (>= net6.0)) (&& (== netstandard2.1) (>= net6.0))
    System.Reflection.Emit.Lightweight (4.7) - restriction: || (== net6.0) (&& (== netstandard2.0) (>= net6.0)) (&& (== netstandard2.1) (>= net6.0))
    System.Runtime.CompilerServices.Unsafe (6.0) - restriction: || (== net6.0) (&& (== netstandard2.0) (>= net6.0)) (&& (== netstandard2.1) (>= net6.0))
    System.Text.Encodings.Web (6.0) - restriction: || (== net6.0) (&& (== netstandard2.0) (>= net6.0)) (&& (== netstandard2.1) (>= net6.0))
      System.Runtime.CompilerServices.Unsafe (>= 6.0)
    System.Text.Json (6.0.5) - restriction: || (== net6.0) (&& (== netstandard2.0) (>= net6.0)) (&& (== netstandard2.1) (>= net6.0))
      System.Runtime.CompilerServices.Unsafe (>= 6.0)
      System.Text.Encodings.Web (>= 6.0)
    System.Threading.Tasks.Extensions (4.5.4) - restriction: || (== net6.0) (&& (== netstandard2.0) (>= net6.0)) (&& (== netstandard2.1) (>= net6.0))
    System.ValueTuple (4.5) - restriction: || (== net6.0) (&& (== netstandard2.0) (>= net6.0)) (&& (== netstandard2.1) (>= net6.0))
    Utf8Json (1.3.7) - restriction: || (== net6.0) (&& (== netstandard2.0) (>= net6.0)) (&& (== netstandard2.1) (>= net6.0))
      System.Reflection.Emit (>= 4.3)
      System.Reflection.Emit.Lightweight (>= 4.3)
      System.Threading.Tasks.Extensions (>= 4.4)
      System.ValueTuple (>= 4.4)
